GEM
  remote: https://rubygems.org/
  specs:
    execjs (2.7.0)
    pluginator (1.3.0)
    pre-commit (0.30.0)
      pluginator (~> 1.1)

PLATFORMS
  ruby

DEPENDENCIES
  execjs
  pre-commit

BUNDLED WITH
   1.12.5
